GEM
  remote: https://rubygems.org/
  specs:
    alotacookies (0.1.0)
      nokogiri
    mini_portile2 (2.4.0)
    nokogiri (1.10.7)
      mini_portile2 (~> 2.4.0)

PLATFORMS
  ruby

DEPENDENCIES
  alotacookies

BUNDLED WITH
   2.1.4
